PATH
  remote: .
  specs:
    ro-crate-ruby (0.3.0)
      addressable
      rubyzip

GEM
  remote: https://rubygems.org/
  specs:
    addressable (2.7.0)
      public_suffix (>= 2.0.2, < 5.0)
    crack (0.4.3)
      safe_yaml (~> 1.0.0)
    docile (1.3.1)
    hashdiff (1.0.1)
    json (2.3.1)
    power_assert (0.4.1)
    public_suffix (4.0.3)
    rake (13.0.0)
    rubyzip (2.0.0)
    safe_yaml (1.0.5)
    simplecov (0.16.1)
      docile (~> 1.1)
      json (>= 1.8, < 3)
      simplecov-html (~> 0.10.0)
    simplecov-html (0.10.2)
    test-unit (3.2.3)
      power_assert
    webmock (3.8.3)
      addressable (>= 2.3.6)
      crack (>= 0.3.2)
      hashdiff (>= 0.4.0, < 2.0.0)
    yard (0.9.25)

PLATFORMS
  ruby

DEPENDENCIES
  rake
  ro-crate-ruby!
  simplecov
  test-unit
  webmock
  yard

BUNDLED WITH
   1.17.3
