PATH
  remote: .
  specs:
    ro-crate-ruby (0.0.1)
      json-ld
      rubyzip

GEM
  remote: https://rubygems.org/
  specs:
    concurrent-ruby (1.1.5)
    docile (1.3.1)
    hamster (3.0.0)
      concurrent-ruby (~> 1.0)
    json (2.0.4)
    json-ld (3.0.2)
      multi_json (~> 1.12)
      rdf (>= 2.2.8, < 4.0)
    link_header (0.0.8)
    multi_json (1.14.1)
    power_assert (0.4.1)
    rdf (3.0.12)
      hamster (~> 3.0)
      link_header (~> 0.0, >= 0.0.8)
    rubyzip (2.0.0)
    simplecov (0.16.1)
      docile (~> 1.1)
      json (>= 1.8, < 3)
      simplecov-html (~> 0.10.0)
    simplecov-html (0.10.2)
    test-unit (3.2.3)
      power_assert

PLATFORMS
  ruby

DEPENDENCIES
  ro-crate-ruby!
  simplecov
  test-unit

BUNDLED WITH
   1.17.3
