PATH
  remote: .
  specs:
    ro-crate-ruby (0.0.3)
      addressable
      rubyzip

GEM
  remote: https://rubygems.org/
  specs:
    addressable (2.7.0)
      public_suffix (>= 2.0.2, < 5.0)
    docile (1.3.1)
    json (2.0.4)
    power_assert (0.4.1)
    public_suffix (4.0.3)
    rake (13.0.0)
    rubyzip (2.0.0)
    simplecov (0.16.1)
      docile (~> 1.1)
      json (>= 1.8, < 3)
      simplecov-html (~> 0.10.0)
    simplecov-html (0.10.2)
    test-unit (3.2.3)
      power_assert
    yard (0.9.20)

PLATFORMS
  ruby

DEPENDENCIES
  rake
  ro-crate-ruby!
  simplecov
  test-unit
  yard

BUNDLED WITH
   1.17.3
