PATH
  remote: .
  specs:
    ro-crate (0.4.14)
      addressable (>= 2.7, < 2.9)
      rubyzip (~> 2.0.0)

GEM
  remote: https://rubygems.org/
  specs:
    addressable (2.8.0)
      public_suffix (>= 2.0.2, < 5.0)
    crack (0.4.3)
      safe_yaml (~> 1.0.0)
    docile (1.3.5)
    hashdiff (1.0.1)
    power_assert (1.1.3)
    public_suffix (4.0.6)
    rake (13.0.0)
    rubyzip (2.0.0)
    safe_yaml (1.0.5)
    simplecov (0.21.2)
      docile (~> 1.1)
      simplecov-html (~> 0.11)
      simplecov_json_formatter (~> 0.1)
    simplecov-html (0.12.3)
    simplecov_json_formatter (0.1.2)
    test-unit (3.2.9)
      power_assert
    webmock (3.8.3)
      addressable (>= 2.3.6)
      crack (>= 0.3.2)
      hashdiff (>= 0.4.0, < 2.0.0)
    yard (0.9.25)

PLATFORMS
  ruby

DEPENDENCIES
  rake (~> 13.0.0)
  ro-crate!
  simplecov (~> 0.21.2)
  test-unit (~> 3.2.3)
  webmock (~> 3.8.3)
  yard (~> 0.9.25)

BUNDLED WITH
   2.3.6
